GEM
  remote: http://rubygems.org/
  specs:
    chronic (0.3.0)
    diff-lcs (1.1.2)
    git (1.2.5)
    hpricot (0.8.3)
    jeweler (1.5.2)
      bundler (~> 1.0.0)
      git (>= 1.2.5)
      rake
    rake (0.8.7)
    raspell (1.1)
    rspec (2.1.0)
      rspec-core (~> 2.1.0)
      rspec-expectations (~> 2.1.0)
      rspec-mocks (~> 2.1.0)
    rspec-core (2.1.0)
    rspec-expectations (2.1.0)
      diff-lcs (~> 1.1.2)
    rspec-mocks (2.1.0)
    sqlite3-ruby (1.3.2)

PLATFORMS
  ruby

DEPENDENCIES
  bundler (~> 1.0.0)
  chronic
  hpricot
  jeweler (~> 1.5.1)
  raspell
  rspec (~> 2.1.0)
  sqlite3-ruby (>= 1.2.2)
